GEM
  remote: http://rubygems.org/
  specs:
    curb (0.9.4)
    erubis (2.7.0)
    mustermann (1.0.1)
    rack (2.0.3)
    rack-protection (2.0.0)
      rack
    sinatra (2.0.0)
      mustermann (~> 1.0)
      rack (~> 2.0)
      rack-protection (= 2.0.0)
      tilt (~> 2.0)
    tilt (2.0.8)

PLATFORMS
  ruby

DEPENDENCIES
  curb
  erubis
  sinatra

BUNDLED WITH
   1.16.0
